GIT
  remote: git://github.com/tent/tent-client-ruby.git
  revision: 552fd8c45b6a6fc498d1bc69b9b29f44c1153145
  branch: master
  specs:
    tent-client (0.0.1)
      addressable
      faraday (= 0.8.4)
      faraday_middleware (= 0.8.8)
      faraday_middleware-multi_json
      nokogiri
      yajl-ruby

GIT
  remote: git://github.com/tent/tentd.git
  revision: 291839127618821f05b85a64a9d22dcd1b3ddee8
  branch: master
  specs:
    tentd (0.0.1)
      hashie
      json
      pg
      rack-mount (~> 0.8.3)
      sequel
      tent-client
      yajl-ruby

GIT
  remote: git://github.com/titanous/asset_sync.git
  revision: 64f86044921b7029cf3be673a1920aa7fdfe8604
  branch: fix-mime
  specs:
    asset_sync (0.5.0)
      activemodel
      fog

PATH
  remote: .
  specs:
    tentd-admin (0.0.1)
      coffee-script
      hashie
      sass
      sinatra
      slim (= 1.3.0)
      sprockets (>= 2, < 5)
      tent-client
      tentd
      uglifier

GEM
  remote: https://rubygems.org/
  specs:
    activemodel (3.2.8)
      activesupport (= 3.2.8)
      builder (~> 3.0.0)
    activesupport (3.2.8)
      i18n (~> 0.6)
      multi_json (~> 1.0)
    addressable (2.3.2)
    builder (3.0.4)
    coffee-script (2.4.1)
      coffee-script-source
      execjs
    coffee-script-source (1.12.2)
    concurrent-ruby (1.1.7)
    connection_pool (0.9.2)
    excon (0.16.7)
    execjs (2.7.0)
    faraday (0.8.4)
      multipart-post (~> 1.1)
    faraday_middleware (0.8.8)
      faraday (>= 0.7.4, < 0.9)
    faraday_middleware-multi_json (0.0.5)
      faraday_middleware
      multi_json
    fog (1.6.0)
      builder
      excon (~> 0.14)
      formatador (~> 0.2.0)
      mime-types
      multi_json (~> 1.0)
      net-scp (~> 1.0.4)
      net-ssh (>= 2.1.3)
      nokogiri (~> 1.5.0)
      ruby-hmac
    formatador (0.2.3)
    girl_friday (0.10.0)
      connection_pool (~> 0.9.0)
    hashie (1.2.0)
    i18n (0.6.1)
    json (1.7.7)
    mime-types (1.19)
    multi_json (1.15.0)
    multipart-post (1.1.5)
    net-scp (1.0.4)
      net-ssh (>= 1.99.1)
    net-ssh (2.6.1)
    nokogiri (1.5.5)
    pg (0.14.1)
    puma (1.6.3)
      rack (~> 1.2)
    rack (1.6.13)
    rack-mount (0.8.3)
      rack (>= 1.0.0)
    rack-protection (1.5.5)
      rack
    rack-ssl-enforcer (0.2.4)
    rake (0.9.2.2)
    ruby-hmac (0.4.0)
    sass (3.4.25)
    sequel (3.43.0)
    sinatra (1.4.8)
      rack (~> 1.5)
      rack-protection (~> 1.4)
      tilt (>= 1.3, < 3)
    slim (1.3.0)
      temple (~> 0.4.1)
      tilt (~> 1.3.3)
    sprockets (3.7.2)
      concurrent-ruby (~> 1.0)
      rack (> 1, < 3)
    temple (0.4.1)
    tilt (1.3.7)
    uglifier (4.2.0)
      execjs (>= 0.3.0, < 3)
    yajl-ruby (1.1.0)

PLATFORMS
  ruby

DEPENDENCIES
  addressable
  asset_sync!
  girl_friday
  mime-types
  puma
  rack-ssl-enforcer
  rake
  tent-client!
  tentd!
  tentd-admin!
